NUGET
  remote: https://www.nuget.org/api/v2
  specs:
    Akka (1.0.5)
      Newtonsoft.Json (>= 7.0.1)
    Akka.FSharp (1.0.5)
      Akka (>= 1.0.5)
      FsPickler (>= 1.2.21)
      FSPowerPack.Core.Community (>= 3.0.0.0)
      FSPowerPack.Linq.Community (>= 3.0.0.0)
    FSharp.Core (4.0.0.1)
    FsPickler (1.7.1)
    FSPowerPack.Core.Community (3.0.0)
    FSPowerPack.Linq.Community (3.0.0)
      FSPowerPack.Core.Community
    Newtonsoft.Json (8.0.1)
    Suave (1.0.0)
      FSharp.Core (>= 3.1.2.5)
